ObjectType = Image
NDims = 3
BinaryData = True
BinaryDataByteOrderMSB = False
CompressedData = False
TransformMatrix = 1 0 0 0 1 0 0 0 1
Offset = 135.5679931640625 156.15199279785153 -44.619098663330078
CenterOfRotation = 0 0 0
AnatomicalOrientation = RAI
ElementSpacing = 0.76171900000000003 0.76171900000000003 1.25
DimSize = 345 300 9
ElementType = MET_UINT
ElementDataFile = smaller_volume_CNS_CT_phantom.raw
