ObjectType = Image
BinaryDataByteOrderMSB = False
NDims = 3
ElementSpacing = 0.5 401.408 401.408
DimSize = 1 1 1
ElementType = MET_INT
ElementDataFile = .Al_cover.raw
