ObjectType = Image
BinaryDataByteOrderMSB = False
NDims = 3
ElementSpacing = 1.1 401.408 401.408
DimSize = 1 1 1
ElementType = MET_INT
ElementDataFile = .borosilicate_glass.raw
