ObjectType = Image
BinaryDataByteOrderMSB = False
NDims = 3
ElementSpacing = 2.3 401.408 401.408
DimSize = 1 1 1
ElementType = MET_INT
ElementDataFile = .stainless_steel.raw
